GEM
  remote: http://rubygems.org/
  specs:
    activesupport (3.1.11)
      multi_json (~> 1.0)
    builder (3.2.0)
    curb (0.7.18)
    faraday (0.8.6)
      multipart-post (~> 1.1)
    feedzirra (0.1.3)
      activesupport (~> 3.1.1)
      builder (>= 2.1.2)
      curb (~> 0.7.15)
      i18n (>= 0.5.0)
      loofah (~> 1.2.0)
      nokogiri (>= 1.4.4)
      rake (>= 0.8.7)
      rdoc (~> 3.8)
      sax-machine (~> 0.1.0)
    i18n (0.6.4)
    json (1.7.7)
    loofah (1.2.1)
      nokogiri (>= 1.4.4)
    multi_json (1.6.1)
    multipart-post (1.2.0)
    nokogiri (1.5.6)
    rack (1.5.2)
    rack-env (0.1.3)
    rack-protection (1.4.0)
      rack
    rake (10.0.3)
    rdoc (3.12.2)
      json (~> 1.4)
    rufus-scheduler (2.0.18)
      tzinfo (>= 0.3.23)
    sax-machine (0.1.0)
      nokogiri (> 0.0.0)
    simple_oauth (0.2.0)
    sinatra (1.3.5)
      rack (~> 1.4)
      rack-protection (~> 1.3)
      tilt (~> 1.3, >= 1.3.3)
    tilt (1.3.5)
    twitter (4.4.4)
      faraday (~> 0.8, < 0.10)
      multi_json (~> 1.0)
      simple_oauth (~> 0.2)
    tzinfo (0.3.36)

PLATFORMS
  ruby

DEPENDENCIES
  feedzirra
  rack-env
  rufus-scheduler
  sinatra
  twitter (~> 4.4.0)
